GIT
  remote: git://github.com/davydovanton/rspec-hanami.git
  revision: abd0452cd4900804ead9dc1ccb3d93ef04090800
  specs:
    rspec-hanami (0.2.0)
      hanami
      rspec

GIT
  remote: git://github.com/intridea/omniauth-github.git
  revision: 45f2fc73d6d06f30863adac0e6aa112bcaaadf67
  specs:
    omniauth-github (1.1.2)
      omniauth (~> 1.0)
      omniauth-oauth2 (>= 1.1.1, < 2.0)

GIT
  remote: git://github.com/samuelsimoes/hanami-webpack.git
  revision: 3891141532b78bf11a60f8a0a313bb11b7780288
  specs:
    hanami-webpack (0.0.1)
      hanami

GEM
  remote: https://rubygems.org/
  specs:
    addressable (2.5.0)
      public_suffix (~> 2.0, >= 2.0.2)
    backports (3.6.8)
    capybara (2.10.1)
      addressable
      mime-types (>= 1.16)
      nokogiri (>= 1.3.3)
      rack (>= 1.0.0)
      rack-test (>= 0.5.4)
      xpath (~> 2.0)
    concurrent-ruby (1.0.3)
    diff-lcs (1.2.5)
    docile (1.1.5)
    dotenv (2.1.1)
    dry-configurable (0.4.0)
      concurrent-ruby (~> 1.0)
    dry-container (0.6.0)
      concurrent-ruby (~> 1.0)
      dry-configurable (~> 0.1, >= 0.1.3)
    dry-core (0.2.1)
      concurrent-ruby (~> 1.0)
    dry-equalizer (0.2.0)
    dry-logic (0.4.0)
      dry-container (~> 0.2, >= 0.2.6)
      dry-core (~> 0.1)
      dry-equalizer (~> 0.2)
    dry-matcher (0.5.0)
    dry-types (0.9.3)
      concurrent-ruby (~> 1.0)
      dry-configurable (~> 0.1)
      dry-container (~> 0.3)
      dry-core (~> 0.2, >= 0.2.1)
      dry-equalizer (~> 0.2)
      dry-logic (~> 0.4, >= 0.4.0)
      inflecto (~> 0.0.0, >= 0.0.2)
    dry-validation (0.10.4)
      concurrent-ruby (~> 1.0)
      dry-configurable (~> 0.1, >= 0.1.3)
      dry-container (~> 0.2, >= 0.2.8)
      dry-core (~> 0.2, >= 0.2.1)
      dry-equalizer (~> 0.2)
      dry-logic (~> 0.4, >= 0.4.0)
      dry-types (~> 0.9, >= 0.9.0)
    ethon (0.9.1)
      ffi (>= 1.3.0)
    faraday (0.10.0)
      multipart-post (>= 1.2, < 3)
    faraday_middleware (0.10.1)
      faraday (>= 0.7.4, < 1.0)
    ffi (1.9.14)
    gh (0.14.0)
      addressable
      backports
      faraday (~> 0.8)
      multi_json (~> 1.0)
      net-http-persistent (>= 2.7)
      net-http-pipeline
    hanami (0.9.2)
      bundler (~> 1.13)
      concurrent-ruby (~> 1.0)
      hanami-assets (~> 0.4)
      hanami-controller (~> 0.8)
      hanami-helpers (~> 0.5)
      hanami-mailer (~> 0.4)
      hanami-router (~> 0.8, >= 0.8.1)
      hanami-utils (~> 0.9)
      hanami-validations (~> 0.7)
      hanami-view (~> 0.8)
      thor (~> 0.19)
    hanami-assets (0.4.0)
      hanami-helpers (~> 0.5)
      hanami-utils (~> 0.9)
      tilt (~> 2.0, >= 2.0.2)
    hanami-controller (0.8.1)
      hanami-utils (~> 0.9)
      rack (~> 1.6, >= 1.6.2)
    hanami-helpers (0.5.1)
      hanami-utils (~> 0.9)
    hanami-mailer (0.4.0)
      hanami-utils (~> 0.9)
      mail (~> 2.5)
      tilt (~> 2.0, >= 2.0.1)
    hanami-model (0.7.0)
      concurrent-ruby (~> 1.0)
      dry-types (~> 0.9)
      hanami-utils (~> 0.8)
      rom-repository (~> 0.3)
      rom-sql (~> 0.9)
    hanami-router (0.8.1)
      hanami-utils (~> 0.9, >= 0.9.1)
      http_router (~> 0.11)
      rack (~> 1.6)
    hanami-utils (0.9.2)
    hanami-validations (0.7.1)
      dry-validation (~> 0.10)
      hanami-utils (~> 0.9)
    hanami-view (0.8.0)
      hanami-utils (~> 0.9)
      tilt (~> 2.0, >= 2.0.1)
    hashie (3.4.6)
    highline (1.7.8)
    http_router (0.11.2)
      rack (>= 1.0.0)
      url_mount (~> 0.2.1)
    httpauth (0.2.1)
    inflecto (0.0.2)
    json (2.0.2)
    jwt (0.1.13)
      multi_json (>= 1.5)
    kramdown (1.13.1)
    launchy (2.4.3)
      addressable (~> 2.3)
    mail (2.6.4)
      mime-types (>= 1.16, < 4)
    mime-types (3.1)
      mime-types-data (~> 3.2015)
    mime-types-data (3.2016.0521)
    mini_portile2 (2.1.0)
    multi_json (1.12.1)
    multipart-post (2.0.0)
    net-http-persistent (2.9.4)
    net-http-pipeline (1.0.1)
    nokogiri (1.6.8.1)
      mini_portile2 (~> 2.1.0)
    oauth2 (0.8.1)
      faraday (~> 0.8)
      httpauth (~> 0.1)
      jwt (~> 0.1.4)
      multi_json (~> 1.0)
      rack (~> 1.2)
    omniauth (1.3.1)
      hashie (>= 1.2, < 4)
      rack (>= 1.0, < 3)
    omniauth-oauth2 (1.1.1)
      oauth2 (~> 0.8.0)
      omniauth (~> 1.0)
    pg (0.19.0)
    public_suffix (2.0.4)
    pusher-client (0.6.2)
      json
      websocket (~> 1.0)
    rack (1.6.5)
    rack-test (0.6.3)
      rack (>= 1.0)
    rake (11.3.0)
    rom (2.0.2)
      concurrent-ruby (~> 1.0)
      dry-equalizer (~> 0.2)
      dry-types (~> 0.8)
      rom-mapper (~> 0.4.0)
      rom-support (~> 2.0)
    rom-mapper (0.4.0)
      dry-equalizer (~> 0.2)
      rom-support (~> 2.0.0)
      transproc (~> 0.4.0)
    rom-repository (0.3.1)
      rom (~> 2.0)
      rom-mapper (~> 0.4)
      rom-support (~> 2.0)
    rom-sql (0.9.0)
      dry-core (~> 0.2)
      dry-equalizer (~> 0.2)
      dry-types (~> 0.9)
      rom (~> 2.0)
      rom-support (~> 2.0)
      sequel (~> 4.25)
    rom-support (2.0.0)
      concurrent-ruby (~> 1.0)
      dry-equalizer (~> 0.2)
      transproc (~> 0.4.0)
      wisper (~> 1.6, >= 1.6.0)
    rouge (1.10.1)
    rspec (3.5.0)
      rspec-core (~> 3.5.0)
      rspec-expectations (~> 3.5.0)
      rspec-mocks (~> 3.5.0)
    rspec-core (3.5.4)
      rspec-support (~> 3.5.0)
    rspec-expectations (3.5.0)
      diff-lcs (>= 1.2.0, < 2.0)
      rspec-support (~> 3.5.0)
    rspec-mocks (3.5.0)
      diff-lcs (>= 1.2.0, < 2.0)
      rspec-support (~> 3.5.0)
    rspec-support (3.5.0)
    sass (3.4.21)
    sequel (4.40.0)
    shotgun (0.9.2)
      rack (>= 1.0)
    simplecov (0.12.0)
      docile (~> 1.1.0)
      json (>= 1.8, < 3)
      simplecov-html (~> 0.10.0)
    simplecov-html (0.10.0)
    slim (3.0.7)
      temple (~> 0.7.6)
      tilt (>= 1.3.3, < 2.1)
    temple (0.7.7)
    thor (0.19.4)
    tilt (2.0.5)
    transproc (0.4.1)
    travis (1.8.4)
      backports
      faraday (~> 0.9)
      faraday_middleware (~> 0.9, >= 0.9.1)
      gh (~> 0.13)
      highline (~> 1.6)
      launchy (~> 2.1)
      net-http-persistent (~> 2.9)
      pusher-client (~> 0.4)
      typhoeus (~> 0.6, >= 0.6.8)
    typhoeus (0.8.0)
      ethon (>= 0.8.0)
    url_mount (0.2.1)
      rack
    websocket (1.2.3)
    wisper (1.6.1)
    xpath (2.0.0)
      nokogiri (~> 1.3)

PLATFORMS
  ruby

DEPENDENCIES
  bundler
  capybara
  dotenv (~> 2.0)
  dry-matcher
  hanami (~> 0.9)
  hanami-model (~> 0.7)
  hanami-webpack!
  kramdown
  omniauth
  omniauth-github!
  pg
  rake
  rouge
  rspec
  rspec-hanami!
  sass
  shotgun
  simplecov
  slim
  travis

RUBY VERSION
   ruby 2.3.0p0

BUNDLED WITH
   1.13.6
